GIT
  remote: https://github.com/briandunn/jasmine-gem.git
  revision: 741e4b09bdabf3459fe19fc6d01dcebabaafc772
  specs:
    jasmine (1.1.0)
      jasmine-core (>= 1.1.0)
      rack (>= 1.1)
      rspec (>= 1.3.1)
      selenium-webdriver (>= 0.1.3)

GIT
  remote: https://github.com/briandunn/rack-jsonp.git
  revision: c04965e16978c0d6d89909bbeb4b4ee6198811c1
  specs:
    rack-jsonp (1.2.0)
      rack

GEM
  remote: http://rubygems.org/
  specs:
    childprocess (0.2.2)
      ffi (~> 1.0.6)
    diff-lcs (1.1.3)
    ffi (1.0.9)
    heroku (2.7.0)
    jasmine-core (1.1.0)
    json_pure (1.6.0)
    nokogiri (1.5.0)
    rack (1.3.0)
    rake (0.9.2)
    rspec (2.6.0)
      rspec-core (~> 2.6.0)
      rspec-expectations (~> 2.6.0)
      rspec-mocks (~> 2.6.0)
    rspec-core (2.6.4)
    rspec-expectations (2.6.0)
      diff-lcs (~> 1.1.2)
    rspec-mocks (2.6.0)
    rubyzip (0.9.4)
    selenium-webdriver (2.6.0)
      childprocess (>= 0.2.1)
      ffi (>= 1.0.7)
      json_pure
      rubyzip

PLATFORMS
  ruby

DEPENDENCIES
  heroku
  jasmine!
  nokogiri
  rack
  rack-jsonp!
  rake
