GIT
  remote: https://github.com/pivotal/jasmine-gem.git
  revision: 8b12c7a3d808072dabb911737d560debebbbd45e
  specs:
    jasmine (1.1.0)
      jasmine-core (>= 1.1.0)
      rack (>= 1.1)
      rspec (>= 1.3.1)
      selenium-webdriver (>= 0.1.3)

GEM
  remote: http://rubygems.org/
  specs:
    addressable (2.2.6)
    childprocess (0.2.2)
      ffi (~> 1.0.6)
    diff-lcs (1.1.3)
    ffi (1.0.9)
    heroku (2.7.0)
      launchy (>= 0.3.2)
      rest-client (~> 1.6.1)
      rubyzip
      term-ansicolor (~> 1.0.5)
    jasmine-core (1.1.0)
    json_pure (1.6.0)
    launchy (2.0.5)
      addressable (~> 2.2.6)
    mime-types (1.16)
    nokogiri (1.5.0)
    rack (1.3.2)
    rack-jsonp (1.2.0)
      rack
    rake (0.9.2)
    rest-client (1.6.7)
      mime-types (>= 1.16)
    rspec (2.6.0)
      rspec-core (~> 2.6.0)
      rspec-expectations (~> 2.6.0)
      rspec-mocks (~> 2.6.0)
    rspec-core (2.6.4)
    rspec-expectations (2.6.0)
      diff-lcs (~> 1.1.2)
    rspec-mocks (2.6.0)
    rubyzip (0.9.4)
    selenium-webdriver (2.5.0)
      childprocess (>= 0.2.1)
      ffi (>= 1.0.7)
      json_pure
      rubyzip
    term-ansicolor (1.0.6)

PLATFORMS
  ruby

DEPENDENCIES
  heroku
  jasmine!
  nokogiri
  rack
  rack-jsonp
  rake
  rspec-core
